GEM
  remote: https://rubygems.org/
  specs:
    tilt (2.0.5)

PLATFORMS
  ruby

DEPENDENCIES
  tilt

BUNDLED WITH
   1.12.0
