GEM
  remote: https://rubygems.org/
  specs:
    rake (11.3.0)
    tilt (2.0.5)

PLATFORMS
  ruby

DEPENDENCIES
  rake
  tilt

BUNDLED WITH
   1.13.5
